GEM
  remote: https://rubygems.org/
  specs:
    isbn (2.0.11)

PLATFORMS
  x86_64-darwin-20

DEPENDENCIES
  isbn

BUNDLED WITH
   2.2.26
